GEM
  remote: https://rubygems.org/
  specs:
    evalhook (0.5.5)
      partialruby (>= 0.2.3)
      ruby_parser (~> 2.0)
    getsource (0.2.1)
    partialruby (0.2.3)
      ruby2ruby (~> 1.0)
      ruby_parser (~> 2.0)
    puma (2.6.0)
      rack (>= 1.1, < 2.0)
    rack (1.5.2)
    rack-protection (1.5.0)
      rack
    ruby2ruby (1.3.1)
      ruby_parser (~> 2.0)
      sexp_processor (~> 3.0)
    ruby_parser (2.3.1)
      sexp_processor (~> 3.0)
    sexp_processor (3.2.0)
    shikashi (0.5.3)
      evalhook (>= 0.5.5)
      getsource (>= 0.1.0)
    shotgun (0.9)
      rack (>= 1.0)
    sinatra (1.4.3)
      rack (~> 1.4)
      rack-protection (~> 1.4)
      tilt (~> 1.3, >= 1.3.4)
    tilt (1.4.1)

PLATFORMS
  ruby

DEPENDENCIES
  puma
  shikashi
  shotgun
  sinatra
